GEM
  remote: https://rubygems.org/
  specs:
    bcrypt (3.1.19)
    diff-lcs (1.5.0)
    rspec (3.12.0)
      rspec-core (~> 3.12.0)
      rspec-expectations (~> 3.12.0)
      rspec-mocks (~> 3.12.0)
    rspec-core (3.12.2)
      rspec-support (~> 3.12.0)
    rspec-expectations (3.12.3)
      diff-lcs (>= 1.2.0, < 2.0)
      rspec-support (~> 3.12.0)
    rspec-mocks (3.12.5)
      diff-lcs (>= 1.2.0, < 2.0)
      rspec-support (~> 3.12.0)
    rspec-support (3.12.1)

PLATFORMS
  arm-darwin-21
  ruby
  x86_64-darwin-21
  x86_64-linux

DEPENDENCIES
  bcrypt
  rspec

RUBY VERSION
   ruby 3.2.1p31

BUNDLED WITH
   2.4.15
